{
	"Manufacturer": "Siemens",
	"ManufacturersModelName": "Skyra",
	"EchoTrainLength": 31,
	"AcquisitionNumber": 1,
	"InstitutionName": "Princeton_University_-_Neuroscience_Institute",
	"InstitutionAddress": "Washington_and_Faculty_Rd._-_Building_25_25_Princeton_NJ_US_085",
	"DeviceSerialNumber": "45031",
	"SoftwareVersions": "syngo_MR_D11",
	"ProcedureStepDescription": "NormanLab_Jarrod",
	"ScanningSequence": "EP",
	"SequenceVariant": "SK",
	"SeriesDescription": "epi_301_3x3x3_2s",
	"BodyPartExamined": "BRAIN",
	"ProtocolName": "epi_301_3x3x3_2s",
	"SequenceName": "_epfid2d1_64",
	"ImageType": ["ORIGINAL", "PRIMARY", "M", "ND", "NORM", "MOSAIC"],
	"AcquisitionTime": "11:15:10.792500",
	"MagneticFieldStrength": 3,
	"FlipAngle": 71,
	"EchoTime": 0.03,
	"RepetitionTime": 2,
	"PhaseEncodingLines": 64,
	"BandwidthPerPixelPhaseEncode": 47.348,
	"EffectiveEchoSpacing": 0.000330003,
	"TotalReadoutTime": 0.0201302,
	"AccelFactPE": 2,
	"TrueEchoSpacing": 0.000660007,
	"SliceTiming": [
		1,
		0,
		1.055,
		0.055,
		1.11,
		0.11,
		1.165,
		0.165,
		1.2225,
		0.2225,
		1.2775,
		0.2775,
		1.3325,
		0.3325,
		1.3875,
		0.3875,
		1.4425,
		0.445,
		1.5,
		0.5,
		1.555,
		0.555,
		1.61,
		0.61,
		1.665,
		0.665,
		1.7225,
		0.7225,
		1.7775,
		0.7775,
		1.8325,
		0.8325,
		1.8875,
		0.8875,
		1.9425,
		0.9425	],
	"PhaseEncodingDirection": "j-",
	"ConversionSoftware": "dcm2niix",
	"ConversionSoftwareVersion": "v1.0.20170724 (OpenJPEG build) GCC6.1.0"
}
