{
	"Manufacturer": "Siemens",
	"ManufacturersModelName": "Skyra",
	"EchoTrainLength": 29,
	"AcquisitionNumber": 1,
	"InstitutionName": "Princeton_University_-_Neuroscience_Institute",
	"InstitutionAddress": "Washington_and_Faculty_Rd._-_Building_25_25_Princeton_NJ_US_085",
	"DeviceSerialNumber": "45031",
	"SoftwareVersions": "syngo_MR_D11",
	"ProcedureStepDescription": "NormanLab_Jarrod",
	"ScanningSequence": "EP",
	"SequenceVariant": "SK_OSP",
	"SeriesDescription": "epi_3x3x3_2s_301_pace_moco_advshim",
	"BodyPartExamined": "HEAD",
	"ProtocolName": "epi_3x3x3_2s_301_pace_moco_advshim",
	"SequenceName": "_epfid2d1_59",
	"ImageType": ["ORIGINAL", "PRIMARY", "M", "ND", "NORM", "MOSAIC"],
	"AcquisitionTime": "10:50:41.277500",
	"MagneticFieldStrength": 3,
	"FlipAngle": 71,
	"EchoTime": 0.034,
	"RepetitionTime": 2,
	"PhaseEncodingLines": 59,
	"BandwidthPerPixelPhaseEncode": 49.18,
	"EffectiveEchoSpacing": 0.000344635,
	"TotalReadoutTime": 0.0196442,
	"AccelFactPE": 2,
	"TrueEchoSpacing": 0.00068927,
	"SliceTiming": [
		0.99,
		0,
		1.0475,
		0.0575,
		1.105,
		0.115,
		1.1625,
		0.175,
		1.2225,
		0.2325,
		1.28,
		0.29,
		1.3375,
		0.3475,
		1.3975,
		0.4075,
		1.455,
		0.465,
		1.5125,
		0.5225,
		1.5725,
		0.5825,
		1.63,
		0.64,
		1.6875,
		0.6975,
		1.745,
		0.755,
		1.805,
		0.815,
		1.8625,
		0.8725,
		1.92,
		0.93	],
	"PhaseEncodingDirection": "j-",
	"ConversionSoftware": "dcm2niix",
	"ConversionSoftwareVersion": "v1.0.20170724 (OpenJPEG build) GCC6.1.0"
}
