{
	"Manufacturer": "Siemens",
	"ManufacturersModelName": "Skyra",
	"AcquisitionNumber": 1,
	"InstitutionName": "Princeton_University_-_Neuroscience_Institute",
	"InstitutionAddress": "Washington_and_Faculty_Rd._-_Building_25_25_Princeton_NJ_US_085",
	"DeviceSerialNumber": "45031",
	"SoftwareVersions": "syngo_MR_D11",
	"ProcedureStepDescription": "NormanLab_Jarrod",
	"ScanningSequence": "GR_IR",
	"SequenceVariant": "SK_SP_MP",
	"SeriesDescription": "long_mprage_.9x.9x.9",
	"BodyPartExamined": "BRAIN",
	"ProtocolName": "long_mprage_.9x.9x.9",
	"SequenceName": "_tfl3d1_16ns",
	"ImageType": ["ORIGINAL", "PRIMARY", "M", "ND", "NORM"],
	"AcquisitionTime": "08:48:52.322500",
	"MagneticFieldStrength": 3,
	"FlipAngle": 9,
	"EchoTime": 0.00308,
	"RepetitionTime": 2.3,
	"InversionTime": 0.9,
	"PhaseEncodingLines": 256,
	"PhaseEncodingDirection": "i-",
	"ConversionSoftware": "dcm2niix",
	"ConversionSoftwareVersion": "v1.0.20170724 (OpenJPEG build) GCC6.1.0"
}
