{
	"Manufacturer": "Siemens",
	"ManufacturersModelName": "Skyra",
	"EchoTrainLength": 31,
	"AcquisitionNumber": 1,
	"InstitutionName": "Princeton_University_-_Neuroscience_Institute",
	"InstitutionAddress": "Washington_and_Faculty_Rd._-_Building_25_25_Princeton_NJ_US_085",
	"DeviceSerialNumber": "45031",
	"SoftwareVersions": "syngo_MR_D11",
	"ProcedureStepDescription": "NormanLab_Jarrod",
	"ScanningSequence": "EP",
	"SequenceVariant": "SK",
	"SeriesDescription": "epi_301_3x3x3_2s",
	"BodyPartExamined": "BRAIN",
	"ProtocolName": "epi_301_3x3x3_2s",
	"SequenceName": "_epfid2d1_64",
	"ImageType": ["ORIGINAL", "PRIMARY", "M", "ND", "NORM", "MOSAIC"],
	"AcquisitionTime": "10:04:24.232500",
	"MagneticFieldStrength": 3,
	"FlipAngle": 71,
	"EchoTime": 0.03,
	"RepetitionTime": 2,
	"PhaseEncodingLines": 64,
	"BandwidthPerPixelPhaseEncode": 47.348,
	"EffectiveEchoSpacing": 0.000330003,
	"TotalReadoutTime": 0.0201302,
	"AccelFactPE": 2,
	"TrueEchoSpacing": 0.000660007,
	"SliceTiming": [
		1,
		0,
		1.055,
		0.055,
		1.1125,
		0.1125,
		1.1675,
		0.1675,
		1.2225,
		0.2225,
		1.2775,
		0.2775,
		1.3325,
		0.335,
		1.39,
		0.39,
		1.445,
		0.445,
		1.5,
		0.5,
		1.555,
		0.555,
		1.6125,
		0.6125,
		1.6675,
		0.6675,
		1.7225,
		0.7225,
		1.7775,
		0.7775,
		1.8325,
		0.835,
		1.89,
		0.89,
		1.945,
		0.945	],
	"PhaseEncodingDirection": "j-",
	"ConversionSoftware": "dcm2niix",
	"ConversionSoftwareVersion": "v1.0.20170724 (OpenJPEG build) GCC6.1.0"
}
